GEM
  remote: https://rubygems.org/
  specs:
    httpi (2.4.5)
      rack
      socksify
    rack (2.2.3)
    shotgun (0.9.2)
      rack (>= 1.0)
    socksify (1.7.1)

PLATFORMS
  ruby

DEPENDENCIES
  httpi
  rack
  shotgun

BUNDLED WITH
   1.17.2
